PATH
  remote: .
  specs:
    kamerling (0.0.0)
      sequel
      sqlite3

GEM
  remote: https://rubygems.org/
  specs:
    minitest (4.7.1)
    sequel (3.46.0)
    sqlite3 (1.3.7)

PLATFORMS
  ruby

DEPENDENCIES
  kamerling!
  minitest (~> 4.0)
