PATH
  remote: .
  specs:
    kamerling (0.0.0)
      sequel
      sqlite3

GEM
  remote: https://rubygems.org/
  specs:
    bogus (0.1.4)
      dependor (>= 0.0.4)
    dependor (0.0.6)
    minitest (5.0.6)
    rake (10.1.0)
    sequel (4.1.1)
    sqlite3 (1.3.8)

PLATFORMS
  ruby

DEPENDENCIES
  bogus (>= 0.1.3)
  kamerling!
  minitest (~> 5.0)
  rake (~> 10.1)
