GIT
  remote: git://github.com/chastell/bogus.git
  revision: aa87a5ed46ef098b57fa90f8b85ae73a43b13290
  branch: kamerling
  specs:
    bogus (0.1.0)
      dependor (>= 0.0.4)

PATH
  remote: .
  specs:
    kamerling (0.0.0)
      sequel
      sqlite3

GEM
  remote: https://rubygems.org/
  specs:
    dependor (0.0.6)
    minitest (5.0.6)
    rake (10.1.0)
    sequel (3.48.0)
    sqlite3 (1.3.7)

PLATFORMS
  ruby

DEPENDENCIES
  bogus!
  kamerling!
  minitest (~> 5.0)
  rake (~> 10.1)
