PATH
  remote: .
  specs:
    kamerling (0.0.2)
      after_do (~> 0.3.0)
      equalizer (~> 0.0.9)
      sequel (~> 4.4)
      sinatra (~> 1.4)
      slim (~> 2.0)
      sqlite3 (~> 1.3)
      virtus (~> 1.0)

GEM
  remote: https://rubygems.org/
  specs:
    after_do (0.3.1)
    ast (2.0.0)
    astrolabe (1.3.0)
      parser (>= 2.2.0.pre.3, < 3.0)
    axiom-types (0.1.1)
      descendants_tracker (~> 0.0.4)
      ice_nine (~> 0.11.0)
      thread_safe (~> 0.3, >= 0.3.1)
    bogus (0.1.5)
      dependor (>= 0.0.4)
    celluloid (0.16.0)
      timers (~> 4.0.0)
    coderay (1.1.0)
    coercible (1.0.0)
      descendants_tracker (~> 0.0.1)
    dependor (1.0.1)
    descendants_tracker (0.0.4)
      thread_safe (~> 0.3, >= 0.3.1)
    equalizer (0.0.9)
    ffi (1.9.3)
    hitimes (1.2.2)
    ice_nine (0.11.0)
    listen (2.7.9)
      celluloid (>= 0.15.2)
      rb-fsevent (>= 0.9.3)
      rb-inotify (>= 0.9)
    method_source (0.8.2)
    mini_portile (0.6.0)
    minitest (5.4.1)
    minitest-focus (1.1.0)
      minitest (>= 4, < 6)
    nokogiri (1.6.3.1)
      mini_portile (= 0.6.0)
    parser (2.2.0.pre.4)
      ast (>= 1.1, < 3.0)
      slop (~> 3.4, >= 3.4.5)
    powerpack (0.0.9)
    pry (0.10.1)
      coderay (~> 1.1.0)
      method_source (~> 0.8.1)
      slop (~> 3.4)
    rack (1.5.2)
    rack-protection (1.5.3)
      rack
    rack-test (0.6.2)
      rack (>= 1.0)
    rainbow (2.0.0)
    rake (10.3.2)
    rb-fsevent (0.9.4)
    rb-inotify (0.9.5)
      ffi (>= 0.5.0)
    reek (1.3.8)
      rainbow (>= 1.99, < 3.0)
      ruby2ruby (>= 2.0.8, < 3.0)
      ruby_parser (~> 3.3)
      sexp_processor
    rerun (0.10.0)
      listen (~> 2.7, >= 2.7.3)
    rubocop (0.26.0)
      astrolabe (~> 1.3)
      parser (>= 2.2.0.pre.4, < 3.0)
      powerpack (~> 0.0.6)
      rainbow (>= 1.99.1, < 3.0)
      ruby-progressbar (~> 1.4)
    ruby-progressbar (1.5.1)
    ruby2ruby (2.1.2)
      ruby_parser (~> 3.1)
      sexp_processor (~> 4.0)
    ruby_parser (3.6.2)
      sexp_processor (~> 4.1)
    sequel (4.14.0)
    sexp_processor (4.4.4)
    sinatra (1.4.5)
      rack (~> 1.4)
      rack-protection (~> 1.4)
      tilt (~> 1.3, >= 1.3.4)
    slim (2.0.3)
      temple (~> 0.6.6)
      tilt (>= 1.3.3, < 2.1)
    slop (3.6.0)
    sqlite3 (1.3.9)
    temple (0.6.8)
    thread_safe (0.3.4)
    tilt (1.4.1)
    timers (4.0.0)
      hitimes
    virtus (1.0.3)
      axiom-types (~> 0.1)
      coercible (~> 1.0)
      descendants_tracker (~> 0.0, >= 0.0.3)
      equalizer (~> 0.0, >= 0.0.9)

PLATFORMS
  ruby

DEPENDENCIES
  bogus (~> 0.1.3)
  kamerling!
  minitest (~> 5.0)
  minitest-focus (~> 1.1)
  nokogiri (~> 1.6)
  pry (~> 0.10.0)
  rack-test (~> 0.6.2)
  rake (~> 10.1)
  reek (~> 1.3)
  rerun (~> 0.10.0)
  rubocop (~> 0.26.0)
