GIT
  remote: git://github.com/chastell/bogus.git
  revision: 939443703cd1d3a685f89909ba89764c17d8e5dc
  branch: kamerling
  specs:
    bogus (0.1.1)
      dependor (>= 0.0.4)

PATH
  remote: .
  specs:
    kamerling (0.0.0)
      sequel
      sqlite3

GEM
  remote: https://rubygems.org/
  specs:
    dependor (0.0.6)
    minitest (5.0.6)
    rake (10.1.0)
    sequel (4.0.0)
    sqlite3 (1.3.7)

PLATFORMS
  ruby

DEPENDENCIES
  bogus!
  kamerling!
  minitest (~> 5.0)
  rake (~> 10.1)
