PATH
  remote: .
  specs:
    kamerling (0.0.0)
      eventmachine

GEM
  remote: http://rubygems.org/
  specs:
    em-minitest-spec (1.1.1)
      eventmachine
    eventmachine (0.12.10)
    minitest (2.11.3)
    rake (0.9.2.2)

PLATFORMS
  ruby

DEPENDENCIES
  bundler
  em-minitest-spec
  kamerling!
  minitest (>= 2.11.1)
  rake
