GIT
  remote: git://github.com/chastell/bogus.git
  revision: 1e0fc5b8dad2ec37909175c77c9c02f4543c52fe
  branch: kamerling
  specs:
    bogus (0.0.3)
      dependor (>= 0.0.4)

PATH
  remote: .
  specs:
    kamerling (0.0.0)
      sequel
      sqlite3

GEM
  remote: https://rubygems.org/
  specs:
    dependor (0.0.5)
    minitest (5.0.2)
    rake (10.1.0.beta.3)
    sequel (3.47.0)
    sqlite3 (1.3.7)

PLATFORMS
  ruby

DEPENDENCIES
  bogus!
  kamerling!
  minitest (~> 5.0)
  rake (>= 10.1.0.beta)
