GIT
  remote: git://github.com/chastell/bogus.git
  revision: 018cc26760990ef6835d9713bf3a11a63c017f21
  branch: warning_clean
  specs:
    bogus (0.0.3)
      dependor (>= 0.0.4)

GIT
  remote: git://github.com/chastell/sequel.git
  revision: 512f6872967a6e79aefaff3a6b35c66e74a1df70
  branch: warning_clean
  specs:
    sequel (3.47.0)

PATH
  remote: .
  specs:
    kamerling (0.0.0)
      sequel
      sqlite3

GEM
  remote: https://rubygems.org/
  specs:
    dependor (0.0.5)
    minitest (5.0.0)
    sqlite3 (1.3.7)

PLATFORMS
  ruby

DEPENDENCIES
  bogus!
  kamerling!
  minitest (~> 5.0)
  sequel!
