PATH
  remote: .
  specs:
    kamerling (0.0.1)
      after_do (~> 0.3.0)
      sequel (~> 4.4)
      sinatra (~> 1.4)
      slim (~> 2.0)
      sqlite3 (~> 1.3)

GEM
  remote: https://rubygems.org/
  specs:
    after_do (0.3.0)
    ast (1.1.0)
    bogus (0.1.4)
      dependor (>= 0.0.4)
    dependor (1.0.1)
    ffi (1.9.3)
    json (1.8.1)
    listen (1.0.3)
      rb-fsevent (>= 0.9.3)
      rb-inotify (>= 0.9)
      rb-kqueue (>= 0.2)
    mini_portile (0.5.2)
    minitest (5.3.0)
    minitest-focus (1.1.0)
      minitest (>= 4, < 6)
    nokogiri (1.6.1)
      mini_portile (~> 0.5.0)
    parser (2.1.5)
      ast (~> 1.1)
      slop (~> 3.4, >= 3.4.5)
    powerpack (0.0.9)
    rack (1.5.2)
    rack-protection (1.5.2)
      rack
    rack-test (0.6.2)
      rack (>= 1.0)
    rainbow (2.0.0)
    rake (10.1.1)
    rb-fsevent (0.9.4)
    rb-inotify (0.9.3)
      ffi (>= 0.5.0)
    rb-kqueue (0.2.2)
      ffi (>= 0.5.0)
    reek (1.3.6)
      ruby2ruby (~> 2.0.7)
      ruby_parser (~> 3.2)
      sexp_processor
    rerun (0.8.2)
      listen (~> 1.0.3)
    rubocop (0.18.1)
      json (>= 1.7.7, < 2)
      parser (~> 2.1.3)
      powerpack (~> 0.0.6)
      rainbow (>= 1.99.1, < 3.0)
    ruby2ruby (2.0.7)
      ruby_parser (~> 3.1)
      sexp_processor (~> 4.0)
    ruby_parser (3.4.1)
      sexp_processor (~> 4.1)
    sequel (4.8.0)
    sexp_processor (4.4.1)
    sinatra (1.4.4)
      rack (~> 1.4)
      rack-protection (~> 1.4)
      tilt (~> 1.3, >= 1.3.4)
    slim (2.0.2)
      temple (~> 0.6.6)
      tilt (>= 1.3.3, < 2.1)
    slop (3.4.7)
    sqlite3 (1.3.9)
    temple (0.6.7)
    tilt (1.4.1)

PLATFORMS
  ruby

DEPENDENCIES
  bogus (~> 0.1.3)
  kamerling!
  minitest (~> 5.0)
  minitest-focus (~> 1.1)
  nokogiri (~> 1.6)
  rack-test (~> 0.6.2)
  rake (~> 10.1)
  reek (~> 1.3)
  rerun (~> 0.8.2)
  rubocop (~> 0.18.0)
