PATH
  remote: .
  specs:
    kamerling (0.0.0)
      eventmachine

GEM
  remote: http://rubygems.org/
  specs:
    callsite (0.0.11)
    em-ventually (0.1.3)
      callsite (~> 0.0.5)
      eventmachine
    eventmachine (1.0.0)
    ffi (1.2.0)
    listen (0.6.0)
    minitest (4.3.1)
    rake (10.0.2)
    rb-inotify (0.8.8)
      ffi (>= 0.5.0)
    rerun (0.7.1)
      listen

PLATFORMS
  ruby

DEPENDENCIES
  bundler
  em-ventually
  kamerling!
  minitest (~> 4.0)
  rake
  rb-inotify
  rerun
