GIT
  remote: git://github.com/chastell/sequel.git
  revision: 512f6872967a6e79aefaff3a6b35c66e74a1df70
  branch: warning_clean
  specs:
    sequel (3.47.0)

PATH
  remote: .
  specs:
    kamerling (0.0.0)
      sequel
      sqlite3

GEM
  remote: https://rubygems.org/
  specs:
    minitest (4.7.4)
    sqlite3 (1.3.7)

PLATFORMS
  ruby

DEPENDENCIES
  kamerling!
  minitest (~> 4.0)
  sequel!
