GIT
  remote: git://github.com/chastell/sequel.git
  revision: 3da578e94b431a92e3b3be8dc68089b3bd335554
  branch: warning_clean
  specs:
    sequel (3.46.0)

PATH
  remote: .
  specs:
    kamerling (0.0.0)
      sequel
      sqlite3

GEM
  remote: https://rubygems.org/
  specs:
    minitest (4.7.3)
    sqlite3 (1.3.7)

PLATFORMS
  ruby

DEPENDENCIES
  kamerling!
  minitest (~> 4.0)
  sequel!
