PATH
  remote: .
  specs:
    kamerling (0.0.0)
      eventmachine

GEM
  remote: http://rubygems.org/
  specs:
    callsite (0.0.11)
    em-ventually (0.1.3)
      callsite (~> 0.0.5)
      eventmachine
    eventmachine (0.12.10)
    minitest (3.0.0)
    rake (0.9.2.2)

PLATFORMS
  ruby

DEPENDENCIES
  bundler
  em-ventually
  kamerling!
  minitest (>= 2.12)
  rake
