PATH
  remote: .
  specs:
    kamerling (0.0.0)
      eventmachine

GEM
  remote: http://rubygems.org/
  specs:
    eventmachine (0.12.10)
    minitest (2.12.1)
    rake (0.9.2.2)

PLATFORMS
  ruby

DEPENDENCIES
  bundler
  kamerling!
  minitest (>= 2.12)
  rake
