GIT
  remote: git://github.com/chastell/bogus.git
  revision: 75bb6433662309357b8091aebd1068da2a9fd714
  branch: kamerling
  specs:
    bogus (0.0.3)
      dependor (>= 0.0.4)

PATH
  remote: .
  specs:
    kamerling (0.0.0)

GEM
  remote: https://rubygems.org/
  specs:
    dependor (0.0.5)
    minitest (5.0.0)

PLATFORMS
  ruby

DEPENDENCIES
  bogus!
  kamerling!
  minitest (~> 5.0)
