PATH
  remote: .
  specs:
    kamerling (0.0.3)
      after_do (~> 0.3.0)
      equalizer (~> 0.0.9)
      sequel (~> 4.4)
      sinatra (~> 1.4)
      slim (~> 3.0)
      sqlite3 (~> 1.3)
      virtus (~> 1.0)

GEM
  remote: https://rubygems.org/
  specs:
    after_do (0.3.1)
    ast (2.2.0)
    axiom-types (0.1.1)
      descendants_tracker (~> 0.0.4)
      ice_nine (~> 0.11.0)
      thread_safe (~> 0.3, >= 0.3.1)
    bogus (0.1.6)
      dependor (>= 0.0.4)
    codeclimate-engine-rb (0.3.1)
      virtus (~> 1.0)
    coercible (1.0.0)
      descendants_tracker (~> 0.0.1)
    dependor (1.0.1)
    descendants_tracker (0.0.4)
      thread_safe (~> 0.3, >= 0.3.1)
    equalizer (0.0.11)
    ffi (1.9.10)
    ice_nine (0.11.2)
    listen (3.1.1)
      rb-fsevent (>= 0.9.3)
      rb-inotify (>= 0.9.7)
    mini_portile2 (2.0.0)
    minitest (5.8.4)
    minitest-focus (1.1.2)
      minitest (>= 4, < 6)
    nokogiri (1.6.7.2)
      mini_portile2 (~> 2.0.0.rc2)
    parser (2.3.0.7)
      ast (~> 2.2)
    powerpack (0.1.1)
    rack (1.6.4)
    rack-protection (1.5.3)
      rack
    rack-test (0.6.3)
      rack (>= 1.0)
    rainbow (2.1.0)
    rake (11.1.2)
    rb-fsevent (0.9.7)
    rb-inotify (0.9.7)
      ffi (>= 0.5.0)
    reek (4.0.2)
      codeclimate-engine-rb (~> 0.3.1)
      parser (~> 2.3, >= 2.3.0.6)
      rainbow (~> 2.0)
    rerun (0.11.0)
      listen (~> 3.0)
    rubocop (0.39.0)
      parser (>= 2.3.0.7, < 3.0)
      powerpack (~> 0.1)
      rainbow (>= 1.99.1, < 3.0)
      ruby-progressbar (~> 1.7)
      unicode-display_width (~> 1.0, >= 1.0.1)
    ruby-progressbar (1.7.5)
    ruby_warning_filter (1.0.1)
    sequel (4.33.0)
    sinatra (1.4.7)
      rack (~> 1.5)
      rack-protection (~> 1.4)
      tilt (>= 1.3, < 3)
    slim (3.0.6)
      temple (~> 0.7.3)
      tilt (>= 1.3.3, < 2.1)
    sqlite3 (1.3.11)
    temple (0.7.6)
    thread_safe (0.3.5)
    tilt (2.0.2)
    unicode-display_width (1.0.3)
    virtus (1.0.5)
      axiom-types (~> 0.1)
      coercible (~> 1.0)
      descendants_tracker (~> 0.0, >= 0.0.3)
      equalizer (~> 0.0, >= 0.0.9)

PLATFORMS
  ruby

DEPENDENCIES
  bogus (~> 0.1.3)
  kamerling!
  minitest (~> 5.6)
  minitest-focus (~> 1.1)
  nokogiri (~> 1.6)
  rack-test (~> 0.6.2)
  rake (~> 11.0)
  reek (~> 4.0)
  rerun (~> 0.11.0)
  rubocop (~> 0.39.0)
  ruby_warning_filter (~> 1.0)

BUNDLED WITH
   1.11.2
