PATH
  remote: .
  specs:
    kamerling (0.0.0)
      sequel
      sqlite3

GEM
  remote: https://rubygems.org/
  specs:
    ast (1.1.0)
    backports (3.3.3)
    bogus (0.1.4)
      dependor (>= 0.0.4)
    dependor (1.0.1)
    minitest (5.0.7)
    parser (2.0.0.pre6)
      ast (~> 1.1)
      slop (~> 3.4, >= 3.4.5)
    powerpack (0.0.7)
    rainbow (1.1.4)
    rake (10.1.0)
    rubocop (0.12.0)
      backports (~> 3.3.3)
      parser (~> 2.0.0.pre6)
      powerpack (~> 0.0.3)
      rainbow (>= 1.1.4)
    sequel (4.2.0)
    slop (3.4.6)
    sqlite3 (1.3.8)

PLATFORMS
  ruby

DEPENDENCIES
  bogus (>= 0.1.3)
  kamerling!
  minitest (~> 5.0)
  rake (~> 10.1)
  rubocop
